GEM
  remote: https://rubygems.org/
  specs:
    coderay (1.1.3)
    descriptive_statistics (2.5.1)
    diff-lcs (1.4.4)
    mustermann (1.0.3)
    ox (2.14.5)
    prettier (1.6.1)
    rack (2.0.6)
    rack-protection (2.0.5)
      rack
    rack-test (1.1.0)
      rack (>= 1.0, < 3)
    rspec (3.10.0)
      rspec-core (~> 3.10.0)
      rspec-expectations (~> 3.10.0)
      rspec-mocks (~> 3.10.0)
    rspec-core (3.10.1)
      rspec-support (~> 3.10.0)
    rspec-expectations (3.10.1)
      diff-lcs (>= 1.2.0, < 2.0)
      rspec-support (~> 3.10.0)
    rspec-mocks (3.10.2)
      diff-lcs (>= 1.2.0, < 2.0)
      rspec-support (~> 3.10.0)
    rspec-support (3.10.2)
    sequel (5.46.0)
    sinatra (2.0.5)
      mustermann (~> 1.0)
      rack (~> 2.0)
      rack-protection (= 2.0.5)
      tilt (~> 2.0)
    sqlite3 (1.4.2)
    tilt (2.0.9)

PLATFORMS
  ruby

DEPENDENCIES
  bundler
  coderay
  descriptive_statistics
  ox
  prettier
  rack-test
  rspec
  sequel
  sinatra
  sqlite3

BUNDLED WITH
   1.17.2
